PATH
  remote: ~/Works/ReactRb
  specs:
    react.rb (0.2.0)
      opal (~> 0.6.0)
      opal-activesupport (~> 0)
      sprockets-es6 (~> 0)
      therubyracer (~> 0)

GEM
  remote: https://rubygems.org/
  specs:
    addressable (2.3.8)
    babel-source (5.0.8)
    babel-transpiler (0.7.0)
      babel-source (>= 4.0, < 6)
      execjs (~> 2.0)
    daemons (1.2.2)
    em-websocket (0.3.8)
      addressable (>= 2.1.1)
      eventmachine (>= 0.12.9)
    eventmachine (1.0.7)
    execjs (2.4.0)
    json (1.8.2)
    libv8 (3.16.14.7)
    opal (0.6.3)
      source_map
      sprockets
    opal-activesupport (0.1.0)
      opal (>= 0.5.0, < 1.0.0)
    rack (1.6.0)
    rack-protection (1.5.3)
      rack
    ref (1.0.5)
    sinatra (1.4.6)
      rack (~> 1.4)
      rack-protection (~> 1.4)
      tilt (>= 1.3, < 3)
    source_map (3.0.1)
      json
    sprockets (3.0.0.rc.1)
      rack (~> 1.0)
    sprockets-es6 (0.6.0)
      babel-transpiler
      sprockets (~> 3.0.0.beta)
    therubyracer (0.12.1)
      libv8 (~> 3.16.14.0)
      ref
    thin (1.6.3)
      daemons (~> 1.0, >= 1.0.9)
      eventmachine (~> 1.0)
      rack (~> 1.0)
    tilt (2.0.1)
    websocket-rack (0.4.0)
      em-websocket (~> 0.3.6)
      eventmachine (~> 1.0.0.beta.4)
      rack
      thin

PLATFORMS
  ruby

DEPENDENCIES
  react.rb!
  sinatra
  thin
  websocket-rack
